GEM
  remote: https://rubygems.org/
  specs:
    byebug (11.1.3)
    childprocess (4.1.0)
    httparty (0.20.0)
      mime-types (~> 3.0)
      multi_xml (>= 0.5.2)
    mime-types (3.4.1)
      mime-types-data (~> 3.2015)
    mime-types-data (3.2022.0105)
    multi_xml (0.6.0)
    nokogiri (1.13.6-x86_64-linux)
      racc (~> 1.4)
    racc (1.6.0)
    regexp_parser (2.5.0)
    rexml (3.2.5)
    rubyzip (2.3.2)
    selenium-webdriver (4.3.0)
      childprocess (>= 0.5, < 5.0)
      rexml (~> 3.2, >= 3.2.5)
      rubyzip (>= 1.2.2, < 3.0)
      websocket (~> 1.0)
    watir (7.1.0)
      regexp_parser (>= 1.2, < 3)
      selenium-webdriver (~> 4.0)
    webdrivers (5.0.0)
      nokogiri (~> 1.6)
      rubyzip (>= 1.3.0)
      selenium-webdriver (~> 4.0)
    websocket (1.2.9)

PLATFORMS
  x86_64-linux

DEPENDENCIES
  byebug
  httparty
  nokogiri
  watir (~> 7.1)
  webdrivers (~> 5.0)

BUNDLED WITH
   2.3.16
